GEM
  remote: https://rubygems.org/
  specs:
    bcrypt (3.1.12)
    rack (2.0.5)
    roda (3.8.0)
      rack
    sqlite3 (1.3.13)
    tilt (2.0.8)

PLATFORMS
  ruby

DEPENDENCIES
  bcrypt
  roda
  sqlite3
  tilt

BUNDLED WITH
   1.16.2
